GEM
  remote: https://rubygems.org/
  specs:
    concurrent-ruby (1.1.10)
    dry-core (1.0.0)
      concurrent-ruby (~> 1.0)
      zeitwerk (~> 2.6)
    dry-inflector (1.0.0)
    dry-logic (1.4.0)
      concurrent-ruby (~> 1.0)
      dry-core (~> 1.0, < 2)
      zeitwerk (~> 2.6)
    dry-types (1.7.0)
      concurrent-ruby (~> 1.0)
      dry-core (~> 1.0, < 2)
      dry-inflector (~> 1.0, < 2)
      dry-logic (>= 1.4, < 2)
      zeitwerk (~> 2.6)
    zeitwerk (2.6.6)

PLATFORMS
  x86_64-linux

DEPENDENCIES
  dry-types
  zeitwerk

RUBY VERSION
   ruby 3.1.2p20

BUNDLED WITH
   2.3.26
